ObjectType = Image
NDims = 3
BinaryData = True
BinaryDataByteOrderMSB = False
CompressedData = False
TransformMatrix = 1 0 0 0 1 0 0 0 1
Offset = -33.425 -22.225 0
CenterOfRotation = 0 0 0
ElementSpacing = 0.35 0.35 0.35
DimSize = 192 128 129
AnatomicalOrientation = ???
ElementType = MET_SHORT
ElementDataFile = projections_medium.raw
